GIT
  remote: git://github.com/bkeepers/adapter-git.git
  revision: 24ff408e8ca8db6d687ea8a28ced516fd6234663
  specs:
    adapter-git (0.5.0)
      adapter (~> 0.5.1)
      grit (~> 2.0)

GEM
  remote: http://rubygems.org/
  specs:
    activemodel (3.1.4)
      activesupport (= 3.1.4)
      builder (~> 3.0.0)
      i18n (~> 0.6)
    activesupport (3.1.4)
      multi_json (~> 1.0)
    adapter (0.5.2)
    builder (3.0.0)
    diff-lcs (1.1.3)
    grit (2.5.0)
      diff-lcs (~> 1.1)
      mime-types (~> 1.15)
      posix-spawn (~> 0.3.6)
    i18n (0.6.0)
    mime-types (1.18)
    multi_json (1.3.2)
    posix-spawn (0.3.6)
    rack (1.4.1)
    rack-protection (1.2.0)
      rack
    rake (0.9.2.2)
    shotgun (0.9)
      rack (>= 1.0)
    simple_uuid (0.1.2)
    sinatra (1.3.2)
      rack (~> 1.3, >= 1.3.6)
      rack-protection (~> 1.2)
      tilt (~> 1.3, >= 1.3.3)
    tilt (1.3.3)
    toystore (0.10.1)
      activemodel (~> 3.0, < 3.2)
      activesupport (~> 3.0, < 3.2)
      adapter (~> 0.5.1)
      simple_uuid (~> 0.1.1)

PLATFORMS
  ruby

DEPENDENCIES
  adapter-git!
  rake
  shotgun
  sinatra
  toystore
